RESTRICTION: >= net45
NUGET
  remote: https://www.nuget.org/api/v2
    Argu (3.7)
    BenchmarkDotNet (0.10.8)
      BenchmarkDotNet.Core (>= 0.10.8) - restriction: || (&& (>= net45) (>= netcore1.1)) (>= net46)
      BenchmarkDotNet.Toolchains.Roslyn (>= 0.10.8) - restriction: >= net46
    BenchmarkDotNet.Core (0.10.8) - restriction: || (&& (>= net45) (>= netcore1.1)) (>= net46)
      Microsoft.DotNet.InternalAbstractions (>= 1.0) - restriction: || (&& (>= net45) (>= netcore1.1)) (>= net46)
      Microsoft.DotNet.PlatformAbstractions (>= 1.1.1) - restriction: || (&& (>= net45) (>= netcore1.1)) (>= net46)
      Microsoft.Win32.Registry (>= 4.3) - restriction: || (&& (>= net45) (>= netcore1.1)) (>= net46)
      System.Threading.Tasks.Extensions (>= 4.3) - restriction: >= net46
      System.ValueTuple (>= 4.3) - restriction: || (&& (>= net45) (>= netcore1.1)) (>= net46)
    BenchmarkDotNet.Toolchains.Roslyn (0.10.8) - restriction: >= net46
      BenchmarkDotNet.Core (>= 0.10.8) - restriction: >= net46
      Microsoft.CodeAnalysis.CSharp (>= 2.0) - restriction: >= net46
      System.Threading.Tasks (>= 4.3) - restriction: >= net46
    Expecto (4.1.1)
      Argu (>= 3.7)
      FSharp.Core (>= 3.1.2.5)
      Mono.Cecil (>= 0.9.6.4)
    Expecto.BenchmarkDotNet (4.1.1)
      BenchmarkDotNet (>= 0.10.3)
      Expecto (>= 4.1.1)
      FSharp.Core (>= 3.1.2.5)
    Expecto.FsCheck (4.1.1)
      Expecto (>= 4.1.1)
      FsCheck (>= 2.8)
      FSharp.Core (>= 3.1.2.5)
    FsCheck (2.8.2)
      FSharp.Core (>= 3.1.2.5)
    FSharp.Core (4.0.0.1) - redirects: force
    FSharp.Data (2.3.3)
    Microsoft.CodeAnalysis.Analyzers (1.1) - restriction: >= net46
    Microsoft.CodeAnalysis.Common (2.3) - restriction: >= net46
      Microsoft.CodeAnalysis.Analyzers (>= 1.1) - restriction: && (>= net45) (>= netstandard1.3)
      System.AppContext (>= 4.3) - restriction: && (>= net45) (>= netstandard1.3)
      System.Collections (>= 4.3) - restriction: && (>= net45) (>= netstandard1.3)
      System.Collections.Concurrent (>= 4.3) - restriction: && (>= net45) (>= netstandard1.3)
      System.Collections.Immutable (>= 1.3.1) - restriction: && (>= net45) (>= netstandard1.3)
      System.Console (>= 4.3) - restriction: && (>= net45) (>= netstandard1.3)
      System.Diagnostics.Debug (>= 4.3) - restriction: && (>= net45) (>= netstandard1.3)
      System.Diagnostics.FileVersionInfo (>= 4.3) - restriction: && (>= net45) (>= netstandard1.3)
      System.Diagnostics.StackTrace (>= 4.3) - restriction: && (>= net45) (>= netstandard1.3)
      System.Diagnostics.Tools (>= 4.3) - restriction: && (>= net45) (>= netstandard1.3)
      System.Dynamic.Runtime (>= 4.3) - restriction: && (>= net45) (>= netstandard1.3)
      System.Globalization (>= 4.3) - restriction: && (>= net45) (>= netstandard1.3)
      System.IO.Compression (>= 4.3) - restriction: && (>= net45) (>= netstandard1.3)
      System.IO.FileSystem (>= 4.3) - restriction: && (>= net45) (>= netstandard1.3)
      System.IO.FileSystem.Primitives (>= 4.3) - restriction: && (>= net45) (>= netstandard1.3)
      System.Linq (>= 4.3) - restriction: && (>= net45) (>= netstandard1.3)
      System.Linq.Expressions (>= 4.3) - restriction: && (>= net45) (>= netstandard1.3)
      System.Reflection (>= 4.3) - restriction: && (>= net45) (>= netstandard1.3)
      System.Reflection.Metadata (>= 1.4.2) - restriction: && (>= net45) (>= netstandard1.3)
      System.Resources.ResourceManager (>= 4.3) - restriction: && (>= net45) (>= netstandard1.3)
      System.Runtime (>= 4.3) - restriction: && (>= net45) (>= netstandard1.3)
      System.Runtime.Extensions (>= 4.3) - restriction: && (>= net45) (>= netstandard1.3)
      System.Runtime.InteropServices (>= 4.3) - restriction: && (>= net45) (>= netstandard1.3)
      System.Runtime.Numerics (>= 4.3) - restriction: && (>= net45) (>= netstandard1.3)
      System.Security.Cryptography.Algorithms (>= 4.3) - restriction: && (>= net45) (>= netstandard1.3)
      System.Security.Cryptography.Encoding (>= 4.3) - restriction: && (>= net45) (>= netstandard1.3)
      System.Security.Cryptography.X509Certificates (>= 4.3) - restriction: && (>= net45) (>= netstandard1.3)
      System.Text.Encoding (>= 4.3) - restriction: && (>= net45) (>= netstandard1.3)
      System.Text.Encoding.CodePages (>= 4.3) - restriction: && (>= net45) (>= netstandard1.3)
      System.Text.Encoding.Extensions (>= 4.3) - restriction: && (>= net45) (>= netstandard1.3)
      System.Threading (>= 4.3) - restriction: && (>= net45) (>= netstandard1.3)
      System.Threading.Tasks (>= 4.3) - restriction: && (>= net45) (>= netstandard1.3)
      System.Threading.Tasks.Parallel (>= 4.3) - restriction: && (>= net45) (>= netstandard1.3)
      System.Threading.Thread (>= 4.3) - restriction: && (>= net45) (>= netstandard1.3)
      System.ValueTuple (>= 4.3) - restriction: && (>= net45) (>= netstandard1.3)
      System.Xml.ReaderWriter (>= 4.3) - restriction: && (>= net45) (>= netstandard1.3)
      System.Xml.XDocument (>= 4.3) - restriction: && (>= net45) (>= netstandard1.3)
      System.Xml.XmlDocument (>= 4.3) - restriction: && (>= net45) (>= netstandard1.3)
      System.Xml.XPath.XDocument (>= 4.3) - restriction: && (>= net45) (>= netstandard1.3)
    Microsoft.CodeAnalysis.CSharp (2.3) - restriction: >= net46
      Microsoft.CodeAnalysis.Common (2.3)
    Microsoft.DotNet.InternalAbstractions (1.0) - restriction: || (&& (>= net45) (>= netcore1.1)) (>= net46)
    Microsoft.DotNet.PlatformAbstractions (1.1.2) - restriction: || (&& (>= net45) (>= netcore1.1)) (>= net46)
    Microsoft.Win32.Registry (4.3) - restriction: || (&& (>= net45) (>= netcore1.1)) (>= net46)
    Mono.Cecil (0.9.6.4)
    System.AppContext (4.3) - restriction: >= net46
    System.Collections (4.3) - restriction: >= net46
    System.Collections.Concurrent (4.3) - restriction: >= net46
    System.Collections.Immutable (1.3.1) - restriction: >= net46
    System.Console (4.3) - restriction: >= net46
    System.Diagnostics.Debug (4.3) - restriction: >= net46
    System.Diagnostics.FileVersionInfo (4.3) - restriction: >= net46
    System.Diagnostics.StackTrace (4.3) - restriction: >= net46
    System.Diagnostics.Tools (4.3) - restriction: >= net46
    System.Dynamic.Runtime (4.3) - restriction: >= net46
    System.Globalization (4.3) - restriction: >= net46
    System.IO (4.3) - restriction: || (&& (>= net46) (>= dnxcore50)) (&& (>= net46) (>= netstandard1.6)) (>= net463)
    System.IO.Compression (4.3) - restriction: >= net46
    System.IO.FileSystem (4.3) - restriction: >= net46
      System.IO.FileSystem.Primitives (>= 4.3) - restriction: || (&& (>= net45) (>= netstandard1.3)) (>= net46)
    System.IO.FileSystem.Primitives (4.3) - restriction: >= net46
    System.Linq (4.3) - restriction: >= net46
    System.Linq.Expressions (4.3) - restriction: >= net46
    System.Reflection (4.3) - restriction: >= net46
    System.Reflection.Metadata (1.4.2) - restriction: >= net46
      System.Collections.Immutable (>= 1.3.1)
    System.Resources.ResourceManager (4.3) - restriction: >= net46
    System.Runtime (4.3) - restriction: >= net46
    System.Runtime.Extensions (4.3) - restriction: >= net46
    System.Runtime.InteropServices (4.3) - restriction: >= net46
      System.Runtime (>= 4.3) - restriction: || (&& (>= net45) (>= dnxcore50)) (&& (>= net45) (>= netcore1.1)) (>= net462)
    System.Runtime.Numerics (4.3) - restriction: >= net46
    System.Security.Cryptography.Algorithms (4.3) - restriction: >= net46
      System.IO (>= 4.3) - restriction: || (&& (>= net45) (< net46) (>= netstandard1.3) (< netstandard1.4)) (&& (>= net45) (< net46) (>= netstandard1.4)) (&& (>= net45) (>= dnxcore50)) (&& (>= net45) (>= netstandard1.6)) (>= net463)
      System.Runtime (>= 4.3) - restriction: || (&& (>= net45) (< net46) (>= netstandard1.3) (< netstandard1.4)) (&& (>= net45) (< net46) (>= netstandard1.4)) (&& (>= net45) (>= dnxcore50)) (&& (>= net45) (>= netstandard1.6)) (>= net463)
      System.Security.Cryptography.Encoding (>= 4.3) - restriction: || (&& (>= net45) (>= dnxcore50)) (&& (>= net45) (>= netstandard1.6)) (>= net463)
      System.Security.Cryptography.Primitives (>= 4.3) - restriction: || (&& (>= net45) (< net46) (>= netstandard1.3) (< netstandard1.4)) (&& (>= net45) (< net46) (>= netstandard1.4)) (&& (>= net45) (>= dnxcore50)) (&& (>= net45) (>= netstandard1.6)) (&& (>= net46) (< netstandard1.4)) (>= net461)
    System.Security.Cryptography.Encoding (4.3) - restriction: >= net46
    System.Security.Cryptography.Primitives (4.3) - restriction: || (&& (>= net46) (>= dnxcore50)) (&& (>= net46) (< netstandard1.4)) (&& (>= net46) (>= netstandard1.6)) (>= net461)
    System.Security.Cryptography.X509Certificates (4.3) - restriction: >= net46
      System.Security.Cryptography.Algorithms (>= 4.3) - restriction: || (&& (>= net45) (< net46) (>= netstandard1.3) (< netstandard1.4)) (&& (>= net45) (< net46) (>= netstandard1.4)) (&& (>= net45) (>= dnxcore50)) (&& (>= net45) (>= netstandard1.6)) (&& (>= net46) (< netstandard1.4)) (>= net461)
      System.Security.Cryptography.Encoding (>= 4.3) - restriction: || (&& (>= net45) (< net46) (>= netstandard1.3) (< netstandard1.4)) (&& (>= net45) (< net46) (>= netstandard1.4)) (&& (>= net45) (>= dnxcore50)) (&& (>= net45) (>= netstandard1.6)) (&& (>= net46) (< netstandard1.4)) (>= net461)
    System.Text.Encoding (4.3) - restriction: >= net46
    System.Text.Encoding.CodePages (4.3) - restriction: >= net46
    System.Text.Encoding.Extensions (4.3) - restriction: >= net46
    System.Threading (4.3) - restriction: >= net46
    System.Threading.Tasks (4.3) - restriction: >= net46
    System.Threading.Tasks.Extensions (4.3) - restriction: >= net46
    System.Threading.Tasks.Parallel (4.3) - restriction: >= net46
    System.Threading.Thread (4.3) - restriction: >= net46
    System.ValueTuple (4.3.1) - restriction: || (&& (>= net45) (>= netcore1.1)) (>= net46)
    System.Xml.ReaderWriter (4.3) - restriction: >= net46
    System.Xml.XDocument (4.3) - restriction: >= net46
    System.Xml.XmlDocument (4.3) - restriction: >= net46
    System.Xml.XPath (4.3) - restriction: >= net46
    System.Xml.XPath.XDocument (4.3) - restriction: >= net46
      System.Xml.XPath (>= 4.3) - restriction: || (&& (>= net45) (>= netstandard1.3)) (>= net46)

GROUP Build
NUGET
  remote: https://www.nuget.org/api/v2
    FAKE (4.62.1)
    FSharp.Compiler.Service (2.0.0.6)
    FSharp.Formatting (2.14.4)
      FSharp.Compiler.Service (2.0.0.6)
      FSharpVSPowerTools.Core (>= 2.3 < 2.4)
    FSharpVSPowerTools.Core (2.3)
      FSharp.Compiler.Service (>= 2.0.0.3)
    Microsoft.Bcl (1.1.10) - restriction: && (< net45) (< win8) (< portable-win81+wpa81)
      Microsoft.Bcl.Build (>= 1.0.14)
    Microsoft.Bcl.Build (1.0.21) - import_targets: false, restriction: && (< net45) (< win8) (< portable-win81+wpa81)
    Microsoft.Net.Http (2.2.29) - restriction: && (< net45) (< win8) (< portable-win81+wpa81)
      Microsoft.Bcl (>= 1.1.10)
      Microsoft.Bcl.Build (>= 1.0.14)
    Octokit (0.24)
      Microsoft.Net.Http  - restriction: && (< net45) (< win8) (< portable-win81+wpa81)
GITHUB
  remote: fsharp/FAKE
    modules/Octokit/Octokit.fsx (b5933798c1944051bf358a460fcdc8ffbd678dfc)
      Octokit (>= 0.20)
GROUP Test
NUGET
  remote: https://www.nuget.org/api/v2
    NUnit (2.6.4)
    NUnit.Runners (2.6.4)
